GEM
  remote: https://rubygems.org/
  specs:
    aws-sdk (2.3.21)
      aws-sdk-resources (= 2.3.21)
    aws-sdk-core (2.3.21)
      jmespath (~> 1.0)
    aws-sdk-resources (2.3.21)
      aws-sdk-core (= 2.3.21)
    jmespath (1.3.0)

PLATFORMS
  ruby

DEPENDENCIES
  aws-sdk (~> 2)
